PATH
  remote: /Users/matthieuvideaud/Sites/agents/in-app/agent-ruby/packages/forest_admin_agent
  specs:
    forest_admin_agent (1.0.0.pre.beta.100)
      activesupport (>= 6.1)
      deepsort (~> 0.4.5)
      dry-container (~> 0.11)
      faraday (~> 2.7)
      filecache (~> 1.0)
      ipaddress (~> 0.8.3)
      jsonapi-serializers (~> 1.0)
      jwt (~> 2.7)
      ld-eventsource (~> 2.2)
      mono_logger (~> 1.1)
      openid_connect (~> 2.2)
      rack-cors (~> 2.0)
      rake (~> 13.0)
      zeitwerk (~> 2.3)

PATH
  remote: /Users/matthieuvideaud/Sites/agents/in-app/agent-ruby/packages/forest_admin_datasource_active_record
  specs:
    forest_admin_datasource_active_record (1.0.0.pre.beta.100)
      activerecord (>= 6.1)
      activesupport (>= 6.1)
      zeitwerk (~> 2.3)

PATH
  remote: /Users/matthieuvideaud/Sites/agents/in-app/agent-ruby/packages/forest_admin_datasource_customizer
  specs:
    forest_admin_datasource_customizer (1.0.0.pre.beta.100)
      activesupport (>= 6.1)
      marcel (~> 1.0, >= 1.0.4)
      zeitwerk (~> 2.3)

PATH
  remote: /Users/matthieuvideaud/Sites/agents/in-app/agent-ruby/packages/forest_admin_datasource_toolkit
  specs:
    forest_admin_datasource_toolkit (1.0.0.pre.beta.100)
      activesupport (>= 6.1)
      zeitwerk (~> 2.3)

GEM
  specs:
    activemodel (8.0.1)
      activesupport (= 8.0.1)
    activerecord (8.0.1)
      activemodel (= 8.0.1)
      activesupport (= 8.0.1)
      timeout (>= 0.4.0)
    activesupport (8.0.1)
      base64
      benchmark (>= 0.3)
      bigdecimal
      concurrent-ruby (~> 1.0, >= 1.3.1)
      connection_pool (>= 2.2.5)
      drb
      i18n (>= 1.6, < 2)
      logger (>= 1.4.2)
      minitest (>= 5.1)
      securerandom (>= 0.3)
      tzinfo (~> 2.0, >= 2.0.5)
      uri (>= 0.13.1)
    addressable (2.8.7)
      public_suffix (>= 2.0.2, < 7.0)
    aes_key_wrap (1.1.0)
    attr_required (1.0.2)
    base64 (0.2.0)
    benchmark (0.4.0)
    bigdecimal (3.1.9)
    bindata (2.5.0)
    concurrent-ruby (1.3.5)
    connection_pool (2.5.0)
    csv (3.3.2)
    date (3.4.1)
    debug (1.10.0)
      irb (~> 1.10)
      reline (>= 0.3.8)
    deepsort (0.4.5)
    domain_name (0.6.20240107)
    drb (2.2.1)
    dry-container (0.11.0)
      concurrent-ruby (~> 1.0)
    email_validator (2.2.4)
      activemodel
    faraday (2.12.2)
      faraday-net_http (>= 2.0, < 3.5)
      json
      logger
    faraday-follow_redirects (0.3.0)
      faraday (>= 1, < 3)
    faraday-net_http (3.4.0)
      net-http (>= 0.5.0)
    ffi (1.17.1-arm64-darwin)
    ffi-compiler (1.3.2)
      ffi (>= 1.15.5)
      rake
    filecache (1.0.3)
    http (5.2.0)
      addressable (~> 2.8)
      base64 (~> 0.1)
      http-cookie (~> 1.0)
      http-form_data (~> 2.2)
      llhttp-ffi (~> 0.5.0)
    http-cookie (1.0.8)
      domain_name (~> 0.5)
    http-form_data (2.3.0)
    httparty (0.22.0)
      csv
      mini_mime (>= 1.0.0)
      multi_xml (>= 0.5.2)
    i18n (1.14.7)
      concurrent-ruby (~> 1.0)
    io-console (0.8.0)
    ipaddress (0.8.3)
    irb (1.15.1)
      pp (>= 0.6.0)
      rdoc (>= 4.0.0)
      reline (>= 0.4.2)
    json (2.10.2)
    json-jwt (1.16.7)
      activesupport (>= 4.2)
      aes_key_wrap
      base64
      bindata
      faraday (~> 2.0)
      faraday-follow_redirects
    jsonapi-serializers (1.0.1)
      activesupport
    jwt (2.10.1)
      base64
    ld-eventsource (2.2.3)
      concurrent-ruby (~> 1.0)
      http (>= 4.4.1, < 6.0.0)
    llhttp-ffi (0.5.1)
      ffi-compiler (~> 1.0)
      rake (~> 13.0)
    logger (1.6.6)
    mail (2.8.1)
      mini_mime (>= 0.1.1)
      net-imap
      net-pop
      net-smtp
    marcel (1.0.4)
    mini_mime (1.1.5)
    minitest (5.25.4)
    mono_logger (1.1.2)
    multi_xml (0.7.1)
      bigdecimal (~> 3.1)
    mustermann (3.0.3)
      ruby2_keywords (~> 0.0.1)
    net-http (0.6.0)
      uri
    net-imap (0.5.6)
      date
      net-protocol
    net-pop (0.1.2)
      net-protocol
    net-protocol (0.2.2)
      timeout
    net-smtp (0.5.1)
      net-protocol
    nio4r (2.7.4)
    openid_connect (2.3.1)
      activemodel
      attr_required (>= 1.0.0)
      email_validator
      faraday (~> 2.0)
      faraday-follow_redirects
      json-jwt (>= 1.16)
      mail
      rack-oauth2 (~> 2.2)
      swd (~> 2.0)
      tzinfo
      validate_url
      webfinger (~> 2.0)
    pp (0.6.2)
      prettyprint
    prettyprint (0.2.0)
    psych (5.2.3)
      date
      stringio
    public_suffix (6.0.1)
    puma (6.6.0)
      nio4r (~> 2.0)
    rack (3.1.12)
    rack-cors (2.0.2)
      rack (>= 2.0.0)
    rack-oauth2 (2.2.1)
      activesupport
      attr_required
      faraday (~> 2.0)
      faraday-follow_redirects
      json-jwt (>= 1.11.0)
      rack (>= 2.1.0)
    rack-protection (4.1.1)
      base64 (>= 0.1.0)
      logger (>= 1.6.0)
      rack (>= 3.0.0, < 4)
    rack-session (2.1.0)
      base64 (>= 0.1.0)
      rack (>= 3.0.0)
    rackup (2.2.1)
      rack (>= 3)
    rake (13.2.1)
    rdoc (6.12.0)
      psych (>= 4.0.0)
    reline (0.6.0)
      io-console (~> 0.5)
    ruby2_keywords (0.0.5)
    securerandom (0.4.1)
    sinatra (4.1.1)
      logger (>= 1.6.0)
      mustermann (~> 3.0)
      rack (>= 3.0.0, < 4)
      rack-protection (= 4.1.1)
      rack-session (>= 2.0.0, < 3)
      tilt (~> 2.0)
    sinatra-activerecord (2.0.28)
      activerecord (>= 4.1)
      sinatra (>= 1.0)
    sqlite3 (2.5.0-arm64-darwin)
    stringio (3.1.5)
    swd (2.0.3)
      activesupport (>= 3)
      attr_required (>= 0.0.5)
      faraday (~> 2.0)
      faraday-follow_redirects
    tilt (2.6.0)
    timeout (0.4.3)
    tzinfo (2.0.6)
      concurrent-ruby (~> 1.0)
    uri (1.0.3)
    validate_url (1.0.15)
      activemodel (>= 3.0.0)
      public_suffix
    webfinger (2.1.3)
      activesupport
      faraday (~> 2.0)
      faraday-follow_redirects
    zeitwerk (2.7.2)

PLATFORMS
  arm64-darwin-23

DEPENDENCIES
  debug
  forest_admin_agent!
  forest_admin_datasource_active_record!
  forest_admin_datasource_customizer!
  forest_admin_datasource_toolkit!
  httparty
  puma (~> 6.6)
  rackup (~> 2.2)
  rake
  sinatra
  sinatra-activerecord
  sqlite3

BUNDLED WITH
   2.6.5
